PATH
  remote: .
  specs:
    lol (0.1.0)
      minitest
      rack (~> 2.2)
      rack-test

GEM
  remote: https://rubygems.org/
  specs:
    minitest (5.16.3)
    rack (2.2.4)
    rack-test (2.0.2)
      rack (>= 1.3)
    rake (13.0.6)

PLATFORMS
  x86_64-darwin-19

DEPENDENCIES
  lol!
  rake (~> 13.0)

BUNDLED WITH
   2.2.32
